GEM
  specs:

PLATFORMS
  universal-darwin-23

DEPENDENCIES

BUNDLED WITH
   2.2.33
